GEM
  specs:

PLATFORMS
  x86_64-darwin-22

DEPENDENCIES

BUNDLED WITH
   2.3.10
